GEM
  remote: https://rubygems.org/
  specs:
    google-protobuf (3.23.3-x86_64-linux)
    googleapis-common-protos-types (1.6.0)
      google-protobuf (~> 3.14)
    grpc (1.56.0-x86_64-linux)
      google-protobuf (~> 3.23)
      googleapis-common-protos-types (~> 1.0)
    grpc-tools (1.56.0)

PLATFORMS
  x86_64-linux

DEPENDENCIES
  grpc (~> 1.56)
  grpc-tools (~> 1.56)

RUBY VERSION
   ruby 3.2.2p53

BUNDLED WITH
   2.4.14
